PATH
  remote: .
  specs:
    av_clip_manager (0.0.1)
      charlock_holmes
      sequel
      sqlite3
      thor
      zeitwerk

GEM
  remote: https://rubygems.org/
  specs:
    ast (2.4.0)
    benchmark-ips (2.7.2)
    bump (0.7.0)
    charlock_holmes (0.7.6)
    coderay (1.1.2)
    jaro_winkler (1.5.2)
    method_source (0.9.2)
    object_shadow (1.0.0)
    parallel (1.13.0)
    parser (2.6.0.0)
      ast (~> 2.4.0)
    powerpack (0.1.2)
    pry (0.12.2)
      coderay (~> 1.1.0)
      method_source (~> 0.9.0)
    rainbow (3.0.0)
    rake (10.5.0)
    rubocop (0.63.1)
      jaro_winkler (~> 1.5.1)
      parallel (~> 1.10)
      parser (>= 2.5, != 2.5.1.1)
      powerpack (~> 0.1)
      rainbow (>= 2.2.2, < 4.0)
      ruby-progressbar (~> 1.7)
      unicode-display_width (~> 1.4.0)
    ruby-prof (0.17.0)
    ruby-progressbar (1.10.0)
    sequel (5.18.0)
    sqlite3 (1.4.0)
    thor (0.20.3)
    unicode-display_width (1.4.1)
    zeitwerk (1.4.3)

PLATFORMS
  ruby

DEPENDENCIES
  av_clip_manager!
  benchmark-ips
  bump
  bundler
  object_shadow
  pry
  rake
  rubocop
  ruby-prof

BUNDLED WITH
   2.0.1
